GEM
  remote: http://rubygems.org/
  specs:
    archive-tar-minitar (0.5.2)
    columnize (0.3.6)
    daemons (1.1.9)
    em-postgres (0.0.2)
      eventmachine (>= 0.12.9)
    eventmachine (0.12.10)
    json (1.7.5)
    linecache19 (0.5.12)
      ruby_core_source (>= 0.1.4)
    pg (0.14.0)
    rack (1.4.1)
    rack-async (0.1.0)
    ruby-debug-base19 (0.11.25)
      columnize (>= 0.3.1)
      linecache19 (>= 0.5.11)
      ruby_core_source (>= 0.1.4)
    ruby-debug19 (0.11.6)
      columnize (>= 0.3.1)
      linecache19 (>= 0.5.11)
      ruby-debug-base19 (>= 0.11.19)
    ruby_core_source (0.1.5)
      archive-tar-minitar (>= 0.5.2)
    thin (1.4.1)
      daemons (>= 1.0.9)
      eventmachine (>= 0.12.6)
      rack (>= 1.0.0)

PLATFORMS
  ruby

DEPENDENCIES
  em-postgres
  json
  pg
  rack-async
  ruby-debug19
  thin
